GEM
  remote: https://rubygems.org/
  specs:
    ansi (1.5.0)
    bcrypt_pbkdf (1.1.1-x86_64-darwin)
    diff-lcs (1.5.1)
    dotenv (2.2.2)
    ed25519 (1.3.0)
    growl (1.0.3)
    hashie (5.0.0)
    highline (2.1.0)
    itamae (1.12.6)
      ansi
      hashie
      schash (~> 0.1.0)
      specinfra (>= 2.64.0, < 3.0.0)
      thor
    multi_json (1.15.0)
    net-scp (4.0.0)
      net-ssh (>= 2.6.5, < 8.0.0)
    net-ssh (7.2.3)
    net-telnet (0.2.0)
    rake (13.2.1)
    rspec (3.13.0)
      rspec-core (~> 3.13.0)
      rspec-expectations (~> 3.13.0)
      rspec-mocks (~> 3.13.0)
    rspec-core (3.13.0)
      rspec-support (~> 3.13.0)
    rspec-expectations (3.13.1)
      diff-lcs (>= 1.2.0, < 2.0)
      rspec-support (~> 3.13.0)
    rspec-its (1.3.0)
      rspec-core (>= 3.0.0)
      rspec-expectations (>= 3.0.0)
    rspec-mocks (3.13.1)
      diff-lcs (>= 1.2.0, < 2.0)
      rspec-support (~> 3.13.0)
    rspec-support (3.13.1)
    schash (0.1.2)
    serverspec (2.40.0)
      multi_json
      rspec (~> 3.0)
      rspec-its
      specinfra (~> 2.68)
    sfl (2.3)
    specinfra (2.90.0)
      net-scp
      net-ssh (>= 2.7)
      net-telnet
      sfl
    thor (1.3.1)
    unix-crypt (1.3.1)

PLATFORMS
  x86_64-darwin-22

DEPENDENCIES
  bcrypt_pbkdf (~> 1.1.0)
  dotenv (~> 2.2.1)
  ed25519 (~> 1.3.0)
  growl
  hashie
  highline (~> 2.1.0)
  itamae (~> 1.12.6)
  net-ssh (~> 7.2.0)
  rake
  serverspec (~> 2.40.0)
  unix-crypt

BUNDLED WITH
   2.3.26
